GEM
  remote: https://rubygems.org/
  specs:
    sass (3.1.17)

PLATFORMS
  ruby

DEPENDENCIES
  sass (= 3.1.17)
